GEM
  remote: https://rubygems.org/
  specs:
    stomp (1.4.9)

PLATFORMS
  ruby

DEPENDENCIES
  stomp
